GEM
  remote: http://rubygems.org/
  specs:
    abstract (1.0.0)
    accept_values_for (0.4.2)
      activemodel (>= 3.0.0)
      rspec
    actionmailer (3.0.5)
      actionpack (= 3.0.5)
      mail (~> 2.2.15)
    actionpack (3.0.5)
      activemodel (= 3.0.5)
      activesupport (= 3.0.5)
      builder (~> 2.1.2)
      erubis (~> 2.6.6)
      i18n (~> 0.4)
      rack (~> 1.2.1)
      rack-mount (~> 0.6.13)
      rack-test (~> 0.5.7)
      tzinfo (~> 0.3.23)
    activemodel (3.0.5)
      activesupport (= 3.0.5)
      builder (~> 2.1.2)
      i18n (~> 0.4)
    activerecord (3.0.5)
      activemodel (= 3.0.5)
      activesupport (= 3.0.5)
      arel (~> 2.0.2)
      tzinfo (~> 0.3.23)
    activeresource (3.0.5)
      activemodel (= 3.0.5)
      activesupport (= 3.0.5)
    activesupport (3.0.5)
    addressable (2.2.4)
    ancestry (1.2.3)
      activerecord (>= 2.2.2)
    arel (2.0.9)
    attribute_normalizer (0.3.1)
    basic_tree (1.0.2)
      activesupport (~> 3.0.5)
      i18n (~> 0.5.0)
    bcrypt-ruby (2.1.4)
    builder (2.1.2)
    cancan (1.6.3)
    capybara (0.4.1.2)
      celerity (>= 0.7.9)
      culerity (>= 0.2.4)
      mime-types (>= 1.16)
      nokogiri (>= 1.3.3)
      rack (>= 1.0.0)
      rack-test (>= 0.5.4)
      selenium-webdriver (>= 0.0.27)
      xpath (~> 0.1.3)
    celerity (0.8.8)
    childprocess (0.1.8)
      ffi (~> 1.0.6)
    compass (0.10.6)
      haml (>= 3.0.4)
    configatron (2.7.2)
      yamler (>= 0.1.0)
    configuration (1.2.0)
    cover_me (1.0.0.rc6)
      configatron
      hashie
    crack (0.1.8)
    cucumber (0.10.2)
      builder (>= 2.1.2)
      diff-lcs (>= 1.1.2)
      gherkin (>= 2.3.5)
      json (>= 1.4.6)
      term-ansicolor (>= 1.0.5)
    cucumber-rails (0.4.0)
      cucumber (>= 0.10.1)
      nokogiri (>= 1.4.4)
      rack-test (>= 0.5.7)
    culerity (0.2.15)
    database_cleaner (0.6.6)
    devise (1.2.1)
      bcrypt-ruby (~> 2.1.2)
      orm_adapter (~> 0.0.3)
      warden (~> 1.0.3)
    diff-lcs (1.1.2)
    erubis (2.6.6)
      abstract (>= 1.0.0)
    factory_girl (2.0.0.beta2)
    factory_girl_rails (1.1.beta1)
      factory_girl (~> 2.0.0.beta)
      rails (>= 3.0.0)
    ffi (1.0.7)
      rake (>= 0.8.7)
    gherkin (2.3.5)
      json (>= 1.4.6)
    growl (1.0.3)
    guard (0.3.0)
      open_gem (~> 1.4.2)
      thor (~> 0.14.6)
    guard-cucumber (0.3.0)
      cucumber (~> 0.10.0)
      guard (~> 0.3.0)
    guard-rspec (0.2.0)
      guard (>= 0.2.2)
    guard-spork (0.1.6)
      guard (>= 0.2.2)
      sfl (= 1.2)
      spork (>= 0.8.4)
    haml (3.0.25)
    hashie (1.0.0)
    hpricot (0.8.4)
    i18n (0.5.0)
    json (1.5.1)
    json_pure (1.5.1)
    launchy (0.3.7)
      configuration (>= 0.0.5)
      rake (>= 0.8.1)
    mail (2.2.15)
      activesupport (>= 2.3.6)
      i18n (>= 0.4.0)
      mime-types (~> 1.16)
      treetop (~> 1.4.8)
    mime-types (1.16)
    nokogiri (1.4.4)
    open_gem (1.4.2)
      launchy (~> 0.3.5)
    orm_adapter (0.0.4)
    paper_trail (2.0.2)
      rails (~> 3)
    pg (0.10.1)
    polyglot (0.3.1)
    rack (1.2.2)
    rack-mount (0.6.14)
      rack (>= 1.0.0)
    rack-test (0.5.7)
      rack (>= 1.0)
    rails (3.0.5)
      actionmailer (= 3.0.5)
      actionpack (= 3.0.5)
      activerecord (= 3.0.5)
      activeresource (= 3.0.5)
      activesupport (= 3.0.5)
      bundler (~> 1.0)
      railties (= 3.0.5)
    railties (3.0.5)
      actionpack (= 3.0.5)
      activesupport (= 3.0.5)
      rake (>= 0.8.7)
      thor (~> 0.14.4)
    rake (0.8.7)
    rspec (2.5.0)
      rspec-core (~> 2.5.0)
      rspec-expectations (~> 2.5.0)
      rspec-mocks (~> 2.5.0)
    rspec-core (2.5.1)
    rspec-expectations (2.5.0)
      diff-lcs (~> 1.1.2)
    rspec-mocks (2.5.0)
    rspec-rails (2.5.0)
      actionpack (~> 3.0)
      activesupport (~> 3.0)
      railties (~> 3.0)
      rspec (~> 2.5.0)
    ruby_parser (2.0.6)
      sexp_processor (~> 3.0)
    rubyzip (0.9.4)
    selenium-webdriver (0.1.4)
      childprocess (>= 0.1.7)
      ffi (>= 1.0.7)
      json_pure
      rubyzip
    sexp_processor (3.0.5)
    sfl (1.2)
    simple_form (1.3.1)
    spork (0.9.0.rc4)
    term-ansicolor (1.0.5)
    thor (0.14.6)
    treetop (1.4.9)
      polyglot (>= 0.3.1)
    tzinfo (0.3.25)
    warden (1.0.3)
      rack (>= 1.0.0)
    webmock (1.6.2)
      addressable (>= 2.2.2)
      crack (>= 0.1.7)
    xpath (0.1.3)
      nokogiri (~> 1.3)
    yamler (0.1.0)

PLATFORMS
  ruby

DEPENDENCIES
  accept_values_for (= 0.4.2)
  ancestry (= 1.2.3)
  attribute_normalizer (= 0.3.1)
  basic_tree (= 1.0.2)
  cancan (= 1.6.3)
  capybara (= 0.4.1.2)
  compass (= 0.10.6)
  cover_me (= 1.0.0.rc6)
  cucumber-rails (= 0.4.0)
  database_cleaner (= 0.6.6)
  devise (= 1.2.1)
  factory_girl (= 2.0.0.beta2)
  factory_girl_rails (= 1.1.beta1)
  growl (= 1.0.3)
  guard-cucumber (= 0.3.0)
  guard-rspec (= 0.2.0)
  guard-spork (= 0.1.6)
  haml (= 3.0.25)
  hpricot
  launchy (= 0.3.7)
  paper_trail (= 2.0.2)
  pg (= 0.10.1)
  rails (= 3.0.5)
  rspec-rails (= 2.5.0)
  ruby_parser
  simple_form (= 1.3.1)
  spork (= 0.9.0.rc4)
  webmock (= 1.6.2)
